PATH
  remote: .
  specs:
    gravitype (0.1.0)
      mongoid
      mongoid-cached-json
      parallel
      ruby-progressbar

GEM
  remote: https://rubygems.org/
  specs:
    activemodel (5.0.1)
      activesupport (= 5.0.1)
    activesupport (5.0.1)
      concurrent-ruby (~> 1.0, >= 1.0.2)
      i18n (~> 0.7)
      minitest (~> 5.1)
      tzinfo (~> 1.1)
    ansi (1.5.0)
    bson (4.2.1)
    builder (3.2.2)
    concurrent-ruby (1.0.4)
    database_cleaner (1.5.3)
    debase (0.2.1)
      debase-ruby_core_source
    debase-ruby_core_source (0.9.6)
    i18n (0.8.0)
    minitest (5.10.1)
    minitest-around (0.4.0)
      minitest (~> 5.0)
    minitest-focus (1.1.2)
      minitest (>= 4, < 6)
    minitest-reporters (1.1.13)
      ansi
      builder
      minitest (>= 5.0)
      ruby-progressbar
    minitest-sprint (1.2.0)
      path_expander (~> 1.0)
    mongo (2.4.1)
      bson (>= 4.2.1, < 5.0.0)
    mongoid (6.1.0)
      activemodel (~> 5.0)
      mongo (>= 2.4.1, < 3.0.0)
    mongoid-cached-json (1.5.3)
      mongoid (>= 3.0)
    parallel (1.10.0)
    path_expander (1.0.1)
    rake (13.0.1)
    ruby-debug-ide (0.6.0)
      rake (>= 0.8.1)
    ruby-progressbar (1.8.1)
    thread_safe (0.3.5)
    tzinfo (1.2.2)
      thread_safe (~> 0.1)

PLATFORMS
  ruby

DEPENDENCIES
  bundler (~> 1.13)
  database_cleaner (~> 1.5)
  debase
  gravitype!
  minitest (~> 5.0)
  minitest-around (~> 0.4)
  minitest-focus
  minitest-reporters
  minitest-sprint
  rake (~> 13.0)
  ruby-debug-ide

BUNDLED WITH
   1.14.3
